GIT
  remote: https://github.com/AlexNisnevich/ingreedy.git
  revision: fc21fc06233544c1ccd567952b72775da7866c46
  specs:
    ingreedy (0.0.4)
      parslet (~> 1.5.0)

GEM
  remote: https://rubygems.org/
  specs:
    blankslate (2.1.2.4)
    dalli (2.7.4)
    fuzzy_match (2.1.0)
    parslet (1.5.0)
      blankslate (~> 2.0)
    rack (1.6.0)
    rack-protection (1.5.3)
      rack
    sinatra (1.4.6)
      rack (~> 1.4)
      rack-protection (~> 1.4)
      tilt (>= 1.3, < 3)
    tilt (2.0.1)

PLATFORMS
  ruby

DEPENDENCIES
  dalli
  fuzzy_match
  ingreedy!
  sinatra
